PATH
  remote: .
  specs:
    morningstar-datawarehouse (0.1.0)
      aws-sdk (~> 2)
      nokogiri (~> 1.6.7.1)
      rubyzip (>= 1.0.0)

GEM
  remote: https://rubygems.org/
  specs:
    aws-sdk (2.2.34)
      aws-sdk-resources (= 2.2.34)
    aws-sdk-core (2.2.34)
      jmespath (~> 1.0)
    aws-sdk-resources (2.2.34)
      aws-sdk-core (= 2.2.34)
    diff-lcs (1.2.5)
    jmespath (1.2.4)
      json_pure (>= 1.8.1)
    json_pure (1.8.3)
    mini_portile2 (2.0.0)
    nokogiri (1.6.7.1)
      mini_portile2 (~> 2.0.0.rc2)
    rake (10.5.0)
    rspec (3.4.0)
      rspec-core (~> 3.4.0)
      rspec-expectations (~> 3.4.0)
      rspec-mocks (~> 3.4.0)
    rspec-core (3.4.4)
      rspec-support (~> 3.4.0)
    rspec-expectations (3.4.0)
      diff-lcs (>= 1.2.0, < 2.0)
      rspec-support (~> 3.4.0)
    rspec-mocks (3.4.1)
      diff-lcs (>= 1.2.0, < 2.0)
      rspec-support (~> 3.4.0)
    rspec-support (3.4.1)
    rubyzip (1.0.0)

PLATFORMS
  ruby

DEPENDENCIES
  bundler (~> 1.11)
  morningstar-datawarehouse!
  rake (~> 10.0)
  rspec (~> 3.4.0)

BUNDLED WITH
   1.11.2
